GEM
  remote: http://rubygems.org/
  specs:
    activesupport (3.0.8)
    git (1.2.5)
    hpricot (0.8.4)
    i18n (0.5.0)
    jeweler (1.5.2)
      bundler (~> 1.0.0)
      git (>= 1.2.5)
      rake
    rake (0.8.7)

PLATFORMS
  ruby

DEPENDENCIES
  activesupport (>= 1.4.2)
  hpricot (>= 0.4.86)
  i18n
  jeweler
  rake
